GEM
  remote: https://rubygems.org/
  specs:
    rack (2.0.3)

PLATFORMS
  x86-mingw32

DEPENDENCIES
  rack

BUNDLED WITH
   1.15.4
